GEM
  remote: http://rubygems.org/
  specs:
    awesome_print (1.0.2)
    coderay (0.9.8)
    hirb (0.6.0)
    interactive_editor (0.0.10)
      spoon (>= 0.0.1)
    map_by_method (0.8.3)
    method_source (0.6.7)
      ruby_parser (>= 2.3.1)
    pry (0.9.7.4)
      coderay (~> 0.9.8)
      method_source (~> 0.6.7)
      ruby_parser (>= 2.3.1)
      slop (~> 2.1.0)
    pry-doc (0.3.0)
      pry (>= 0.9.0)
      yard (>= 0.6.4)
    ruby_parser (2.3.1)
      sexp_processor (~> 3.0)
    sexp_processor (3.0.10)
    slop (2.1.0)
    spoon (0.0.1)
    what_methods (1.0.1)
    wirble (0.1.3)
    yard (0.7.4)

PLATFORMS
  ruby

DEPENDENCIES
  awesome_print
  hirb
  interactive_editor
  map_by_method
  pry
  pry-doc
  what_methods
  wirble
