GEM
  remote: http://rubygems.org/
  specs:
    awesome_print (1.0.2)
    boson (1.2.0)
    coderay (0.9.8)
    configuration (1.3.1)
    gist (2.0.4)
    github (0.6.2)
      highline (~> 1.5.1)
      json_pure (~> 1.5.1)
      launchy (~> 0.3.7)
      text-format (= 1.0.0)
      text-hyphen (= 1.0.0)
    highline (1.5.2)
    hirb (0.6.0)
    interactive_editor (0.0.10)
      spoon (>= 0.0.1)
    json_pure (1.5.4)
      spruz (~> 0.2.8)
    launchy (0.3.7)
      configuration (>= 0.0.5)
      rake (>= 0.8.1)
    map_by_method (0.8.3)
    method_source (0.6.7)
      ruby_parser (>= 2.3.1)
    pry (0.9.7.4)
      coderay (~> 0.9.8)
      method_source (~> 0.6.7)
      ruby_parser (>= 2.3.1)
      slop (~> 2.1.0)
    pry-doc (0.3.0)
      pry (>= 0.9.0)
      yard (>= 0.6.4)
    rake (0.9.2.2)
    ruby_parser (2.3.1)
      sexp_processor (~> 3.0)
    sexp_processor (3.0.10)
    slop (2.1.0)
    spoon (0.0.1)
    spruz (0.2.13)
    text-format (1.0.0)
      text-hyphen (~> 1.0.0)
    text-hyphen (1.0.0)
    vimdb (0.5.1)
      boson (>= 1.1.1)
      hirb (~> 0.6.0)
    what_methods (1.0.1)
    wirble (0.1.3)
    yard (0.7.4)

PLATFORMS
  ruby

DEPENDENCIES
  awesome_print
  gist
  github
  hirb
  interactive_editor
  map_by_method
  pry
  pry-doc
  vimdb
  what_methods
  wirble
